PATH
  remote: .
  specs:
    highline (1.6.16)
      windowtint

GEM
  remote: https://rubygems.org/
  specs:
    rake (10.0.3)
    windowtint (0.0.1)

PLATFORMS
  x86-mingw32

DEPENDENCIES
  highline!
  rake (>= 0.9, < 11)
